GEM
  remote: http://rubygems.org/
  specs:
    actionmailer (4.1.6.rc1)
      actionpack (= 4.1.6.rc1)
      actionview (= 4.1.6.rc1)
      mail (~> 2.5, >= 2.5.4)
    actionpack (4.1.6.rc1)
      actionview (= 4.1.6.rc1)
      activesupport (= 4.1.6.rc1)
      rack (~> 1.5.2)
      rack-test (~> 0.6.2)
    actionview (4.1.6.rc1)
      activesupport (= 4.1.6.rc1)
      builder (~> 3.1)
      erubis (~> 2.7.0)
    activemodel (4.1.6.rc1)
      activesupport (= 4.1.6.rc1)
      builder (~> 3.1)
    activerecord (4.1.6.rc1)
      activemodel (= 4.1.6.rc1)
      activesupport (= 4.1.6.rc1)
      arel (~> 5.0.0)
    activesupport (4.1.6.rc1)
      i18n (~> 0.6, >= 0.6.9)
      json (~> 1.7, >= 1.7.7)
      minitest (~> 5.1)
      thread_safe (~> 0.1)
      tzinfo (~> 1.1)
    arel (5.0.1.20140414130214)
    aws-sdk (1.31.3)
      json (~> 1.4)
      nokogiri (>= 1.4.4)
      uuidtools (~> 2.1)
    bcrypt-ruby (3.1.2)
    builder (3.2.2)
    byebug (2.5.0)
      columnize (~> 0.3.6)
      debugger-linecache (~> 1.2.0)
    capybara (2.2.0)
      mime-types (>= 1.16)
      nokogiri (>= 1.3.3)
      rack (>= 1.0.0)
      rack-test (>= 0.5.4)
      xpath (~> 2.0)
    climate_control (0.0.3)
      activesupport (>= 3.0)
    cocaine (0.5.4)
      climate_control (>= 0.0.3, < 1.0)
    columnize (0.3.6)
    debugger-linecache (1.2.0)
    diff-lcs (1.2.5)
    erubis (2.7.0)
    execjs (2.0.2)
    factory_girl (4.3.0)
      activesupport (>= 3.0.0)
    factory_girl_rails (4.3.0)
      factory_girl (~> 4.3.0)
      railties (>= 3.0.0)
    gemoji (1.5.0)
    github-markdown (0.6.3)
    hike (1.2.3)
    html-pipeline (1.1.0)
      activesupport (>= 2)
      nokogiri (~> 1.4)
    i18n (0.6.11)
    jquery-rails (3.0.4)
      railties (>= 3.0, < 5.0)
      thor (>= 0.14, < 2.0)
    json (1.8.1)
    libv8 (3.16.14.3)
    mail (2.6.1)
      mime-types (>= 1.16, < 3)
    mime-types (2.3)
    mini_portile (0.5.2)
    minitest (5.4.1)
    multi_json (1.10.1)
    negative_captcha (0.3.3)
      actionpack
      activesupport
    nokogiri (1.6.1)
      mini_portile (~> 0.5.0)
    paperclip (4.2.0)
      activemodel (>= 3.0.0)
      activesupport (>= 3.0.0)
      cocaine (~> 0.5.3)
      mime-types
    pg (0.17.1)
    rack (1.5.2)
    rack-test (0.6.2)
      rack (>= 1.0)
    rails (4.1.6.rc1)
      actionmailer (= 4.1.6.rc1)
      actionpack (= 4.1.6.rc1)
      actionview (= 4.1.6.rc1)
      activemodel (= 4.1.6.rc1)
      activerecord (= 4.1.6.rc1)
      activesupport (= 4.1.6.rc1)
      bundler (>= 1.3.0, < 2.0)
      railties (= 4.1.6.rc1)
      sprockets-rails (~> 2.0)
    rails_12factor (0.0.2)
      rails_serve_static_assets
      rails_stdout_logging
    rails_serve_static_assets (0.0.2)
    rails_stdout_logging (0.0.3)
    railties (4.1.6.rc1)
      actionpack (= 4.1.6.rc1)
      activesupport (= 4.1.6.rc1)
      rake (>= 0.8.7)
      thor (>= 0.18.1, < 2.0)
    rake (10.3.2)
    ref (1.0.5)
    rspec-core (2.14.7)
    rspec-expectations (2.14.4)
      diff-lcs (>= 1.1.3, < 2.0)
    rspec-mocks (2.14.4)
    rspec-rails (2.14.0)
      actionpack (>= 3.0)
      activesupport (>= 3.0)
      railties (>= 3.0)
      rspec-core (~> 2.14.0)
      rspec-expectations (~> 2.14.0)
      rspec-mocks (~> 2.14.0)
    sass (3.2.19)
    sass-rails (4.0.3)
      railties (>= 4.0.0, < 5.0)
      sass (~> 3.2.0)
      sprockets (~> 2.8, <= 2.11.0)
      sprockets-rails (~> 2.0)
    sprockets (2.11.0)
      hike (~> 1.2)
      multi_json (~> 1.0)
      rack (~> 1.0)
      tilt (~> 1.1, != 1.3.0)
    sprockets-rails (2.1.4)
      actionpack (>= 3.0)
      activesupport (>= 3.0)
      sprockets (~> 2.8)
    sqlite3 (1.3.8)
    therubyracer (0.12.0)
      libv8 (~> 3.16.14.0)
      ref
    thor (0.19.1)
    thread_safe (0.3.4)
    tilt (1.4.1)
    tzinfo (1.2.2)
      thread_safe (~> 0.1)
    uglifier (2.4.0)
      execjs (>= 0.3.0)
      json (>= 1.8.0)
    uuidtools (2.1.4)
    will_paginate (3.0.5)
    xpath (2.0.0)
      nokogiri (~> 1.3)

PLATFORMS
  ruby

DEPENDENCIES
  aws-sdk
  bcrypt-ruby
  byebug
  capybara
  factory_girl_rails
  gemoji
  github-markdown
  html-pipeline (~> 1.1.0)
  jquery-rails
  negative_captcha
  paperclip (~> 4.2.0)
  pg
  rails (= 4.1.6.rc1)
  rails_12factor
  rspec-rails
  sass-rails (~> 4.0.3)
  sqlite3
  therubyracer
  uglifier (>= 1.0.3)
  will_paginate
